GEM
  remote: https://rubygems.org/
  specs:
    adsf (1.2.0)
      rack (>= 1.0.0)
    bootstrap-sass (3.1.1.1)
      sass (~> 3.2)
    chunky_png (1.3.0)
    colored (1.2)
    compass (0.12.6)
      chunky_png (~> 1.2)
      fssm (>= 0.2.7)
      sass (~> 3.2.19)
    cri (2.6.0)
      colored (~> 1.2)
    fssm (0.2.10)
    nanoc (3.6.9)
      cri (~> 2.3)
    rack (1.5.2)
    sass (3.2.19)

PLATFORMS
  ruby

DEPENDENCIES
  adsf (~> 1.2.0)
  bootstrap-sass (~> 3.1.1)
  compass (~> 0.12.6)
  nanoc (~> 3.6.9)
